GEM
  remote: https://rubygems.org/
  specs:
    amq-protocol (1.9.2)
    bunny (1.1.7)
      amq-protocol (>= 1.9.2)
    celluloid (0.15.2)
      timers (~> 1.1.0)
    celluloid-io (0.15.0)
      celluloid (>= 0.15.0)
      nio4r (>= 0.5.0)
    nio4r (1.0.0)
    nio4r (1.0.0-java)
    timers (1.1.0)

PLATFORMS
  java
  ruby

DEPENDENCIES
  bunny
  celluloid
  celluloid-io
